GEM
  remote: http://rubygems.org/
  specs:
    highline (1.6.11)
    httparty (0.8.1)
      multi_json
      multi_xml
    multi_json (1.1.0)
    multi_xml (0.4.1)
    term-ansicolor (1.0.7)

PLATFORMS
  ruby

DEPENDENCIES
  highline
  httparty
  term-ansicolor
